GEM
  remote: https://rubygems.org/
  specs:
    coderay (1.0.7)
    daemons (1.1.9)
    eventmachine (1.0.0)
    json (1.7.5)
    metaclass (0.0.1)
    method_source (0.8)
    mocha (0.13.1)
      metaclass (~> 0.0.1)
    pry (0.9.10)
      coderay (~> 1.0.5)
      method_source (~> 0.8)
      slop (~> 3.3.1)
    rack (1.5.2)
    rack-protection (1.2.0)
      rack
    rack-test (0.6.2)
      rack (>= 1.0)
    rake (0.9.2.2)
    sinatra (1.3.3)
      rack (~> 1.3, >= 1.3.6)
      rack-protection (~> 1.2)
      tilt (~> 1.3, >= 1.3.3)
    slop (3.3.3)
    thin (1.5.0)
      daemons (>= 1.0.9)
      eventmachine (>= 0.12.6)
      rack (>= 1.0.0)
    tilt (1.3.3)

PLATFORMS
  ruby

DEPENDENCIES
  json
  mocha
  pry
  rack-test
  rake
  sinatra
  thin
