PATH
  remote: client
  specs:
    client (0.0.1)
      json
      rest-client

GEM
  remote: https://rubygems.org/
  specs:
    addressable (2.3.4)
    coderay (1.0.7)
    crack (0.3.2)
    daemons (1.1.9)
    eventmachine (1.0.0)
    json (1.7.5)
    metaclass (0.0.1)
    method_source (0.8)
    mime-types (1.23)
    mocha (0.13.1)
      metaclass (~> 0.0.1)
    pry (0.9.10)
      coderay (~> 1.0.5)
      method_source (~> 0.8)
      slop (~> 3.3.1)
    rack (1.5.2)
    rack-protection (1.2.0)
      rack
    rack-ssl-enforcer (0.2.5)
    rack-test (0.6.2)
      rack (>= 1.0)
    rake (0.9.2.2)
    rest-client (1.6.7)
      mime-types (>= 1.16)
    sinatra (1.3.3)
      rack (~> 1.3, >= 1.3.6)
      rack-protection (~> 1.2)
      tilt (~> 1.3, >= 1.3.3)
    slop (3.3.3)
    thin (1.5.0)
      daemons (>= 1.0.9)
      eventmachine (>= 0.12.6)
      rack (>= 1.0.0)
    tilt (1.3.3)
    webmock (1.11.0)
      addressable (>= 2.2.7)
      crack (>= 0.3.2)

PLATFORMS
  ruby

DEPENDENCIES
  client!
  json
  mocha
  pry
  rack-ssl-enforcer
  rack-test
  rake
  sinatra
  thin
  webmock
